PATH
  remote: vendor/gems/ohai-6.20.0
  specs:
    ohai (6.20.0)

GEM
  remote: https://rubygems.org/
  specs:
    activesupport (3.2.16)
      i18n (~> 0.6, >= 0.6.4)
      multi_json (~> 1.0)
    aws-sdk (1.65.0)
      aws-sdk-v1 (= 1.65.0)
    aws-sdk-v1 (1.65.0)
      json (~> 1.4)
      nokogiri (>= 1.4.4)
    bourne (1.5.0)
      mocha (>= 0.13.2, < 0.15)
    builder (3.2.2)
    chef (11.10.4)
      chef-zero (~> 1.7, >= 1.7.2)
      diff-lcs (~> 1.2, >= 1.2.4)
      erubis (~> 2.7)
      highline (~> 1.6, >= 1.6.9)
      json (>= 1.4.4, <= 1.8.1)
      mime-types (~> 1.16)
      mixlib-authentication (~> 1.3)
      mixlib-cli (~> 1.4)
      mixlib-config (~> 2.0)
      mixlib-log (~> 1.3)
      mixlib-shellout (~> 1.3)
      net-ssh (~> 2.6)
      net-ssh-multi (~> 1.1)
      ohai (~> 6.0)
      pry (~> 0.9)
      puma (~> 1.6)
      rest-client (>= 1.0.4, < 1.7.0)
      yajl-ruby (~> 1.1)
    chef-zero (1.7.3)
      hashie (~> 2.0)
      json
      mixlib-log (~> 1.3)
      moneta (< 0.7.0)
      rack
    ci_reporter (1.9.1)
      builder (>= 2.1.2)
    coderay (1.1.0)
    daemons (1.1.9)
    diff-lcs (1.2.5)
    erubis (2.7.0)
    fakefs (0.5.1)
    gli (2.5.6)
    hashie (2.0.5)
    highline (1.6.19)
    i18n (0.6.9)
    ipaddress (0.8.0)
    json (1.7.7)
    metaclass (0.0.2)
    method_source (0.8.2)
    mime-types (1.23)
    minitest (4.7.5)
    minitest-chef-handler (1.0.1)
      chef
      ci_reporter
      minitest (~> 4.7.3)
    mixlib-authentication (1.3.0)
      mixlib-log
    mixlib-cli (1.4.0)
    mixlib-config (2.1.0)
    mixlib-log (1.6.0)
    mixlib-shellout (1.4.0)
    mocha (0.13.3)
      metaclass (~> 0.0.1)
    moneta (0.6.0)
    multi_json (1.7.4)
    net-ssh (2.8.0)
    net-ssh-gateway (1.2.0)
      net-ssh (>= 2.6.5)
    net-ssh-multi (1.1)
      net-ssh (>= 2.1.4)
      net-ssh-gateway (>= 0.99.0)
    nokogiri (1.5.9)
    process_manager (0.0.18)
      activesupport
      gli
      gli (>= 2.2.1)
      rake
      simple_pid
      simple_pid
    pry (0.9.12.6)
      coderay (~> 1.0)
      method_source (~> 0.8)
      slop (~> 3.4)
    puma (1.6.3)
      rack (~> 1.2)
    rack (1.5.2)
    rake (10.0.3)
    rest-client (1.6.7)
      mime-types (>= 1.16)
    ruby-hmac (0.4.0)
    shoulda (3.5.0)
      shoulda-context (~> 1.0, >= 1.0.1)
      shoulda-matchers (>= 1.4.1, < 3.0)
    shoulda-context (1.1.2)
    shoulda-matchers (1.5.6)
      activesupport (>= 3.0.0)
      bourne (~> 1.3)
    simple_pid (0.2.1)
    slop (3.4.7)
    systemu (2.5.2)
    test-unit (2.5.5)
    thor (0.18.1)
    timecop (0.6.1)
    uuidtools (2.1.4)
    yajl-ruby (1.2.0)

PLATFORMS
  ruby

DEPENDENCIES
  activesupport (= 3.2.16)
  aws-sdk (= 1.65.0)
  bundler (= 1.5.3)
  chef (= 11.10.4)
  chef-zero
  daemons (= 1.1.9)
  diff-lcs
  erubis (= 2.7.0)
  fakefs (= 0.5.1)
  gli (= 2.5.6)
  highline (= 1.6.19)
  ipaddress
  json (= 1.7.7)
  mime-types (= 1.23)
  minitest-chef-handler (= 1.0.1)
  mixlib-authentication
  mixlib-cli
  mixlib-config
  mixlib-log
  mixlib-shellout
  mocha (= 0.13.3)
  moneta
  multi_json (= 1.7.4)
  net-ssh-multi (~> 1.1.0)
  nokogiri (= 1.5.9)
  ohai (= 6.20.0)!
  process_manager (= 0.0.18)
  rake (= 10.0.3)
  rest-client (= 1.6.7)
  ruby-hmac (= 0.4.0)
  shoulda (= 3.5.0)
  shoulda-context (= 1.1.2)
  shoulda-matchers (= 1.5.6)
  systemu (= 2.5.2)
  test-unit (= 2.5.5)
  thor (= 0.18.1)
  timecop (= 0.6.1)
  uuidtools (= 2.1.4)
  yajl-ruby
