GEM
  remote: https://rubygems.org/
  specs:
    activesupport (3.2.19)
      i18n (~> 0.6, >= 0.6.4)
      multi_json (~> 1.0)
    gli (2.12.2)
    i18n (0.6.11)
    metaclass (0.0.4)
    mocha (0.14.0)
      metaclass (~> 0.0.1)
    multi_json (1.10.1)
    power_assert (0.1.4)
    rake (10.3.2)
    shoulda (3.5.0)
      shoulda-context (~> 1.0, >= 1.0.1)
      shoulda-matchers (>= 1.4.1, < 3.0)
    shoulda-addons (0.2.3)
    shoulda-context (1.2.1)
    shoulda-matchers (2.7.0)
      activesupport (>= 3.0.0)
    simple_pid (0.2.1)
    test-unit (3.0.1)
      power_assert
    timecop (0.7.1)

PLATFORMS
  ruby

DEPENDENCIES
  gli (>= 2.2.1)
  mocha (< 1.0)
  rake
  shoulda
  shoulda-addons
  simple_pid
  test-unit
  timecop
